GEM
  remote: https://rubygems.org/
  specs:
    bindata (2.4.15)
    zeitwerk (2.6.13)

PLATFORMS
  aarch64-linux-musl
  arm64-darwin-21
  x86_64-linux

DEPENDENCIES
  bindata (~> 2.4)
  zeitwerk

BUNDLED WITH
   2.4.18
